GIT
  remote: https://github.com/cinchrb/cinch.git
  revision: c66bbe7805426ed0053d52550f134b0a66f42c93
  specs:
    cinch (2.3.1)

GIT
  remote: https://github.com/rubyworks/xdg.git
  revision: 36b4708b1c057543226b28e8fbc406ef4f4572d5
  specs:
    xdg (2.2.3)

PATH
  remote: .
  specs:
    yarr (0.1.0)

GEM
  remote: https://rubygems.org/
  specs:
    byebug (10.0.2)
    coderay (1.1.2)
    concurrent-ruby (1.0.5)
    diff-lcs (1.3)
    docile (1.3.1)
    faker (1.9.1)
      i18n (>= 0.7)
    i18n (1.1.0)
      concurrent-ruby (~> 1.0)
    json (2.1.0)
    method_source (0.9.0)
    parslet (1.8.2)
    pry (0.11.3)
      coderay (~> 1.1.0)
      method_source (~> 0.9.0)
    rake (10.5.0)
    rspec (3.8.0)
      rspec-core (~> 3.8.0)
      rspec-expectations (~> 3.8.0)
      rspec-mocks (~> 3.8.0)
    rspec-core (3.8.0)
      rspec-support (~> 3.8.0)
    rspec-expectations (3.8.1)
      diff-lcs (>= 1.2.0, < 2.0)
      rspec-support (~> 3.8.0)
    rspec-mocks (3.8.0)
      diff-lcs (>= 1.2.0, < 2.0)
      rspec-support (~> 3.8.0)
    rspec-support (3.8.0)
    sequel (5.13.0)
    simplecov (0.16.1)
      docile (~> 1.1)
      json (>= 1.8, < 3)
      simplecov-html (~> 0.10.0)
    simplecov-html (0.10.2)
    sqlite3 (1.3.13)

PLATFORMS
  ruby

DEPENDENCIES
  bundler (~> 1.16)
  byebug
  cinch!
  faker
  parslet
  pry
  rake (~> 10.0)
  rspec
  sequel
  simplecov
  sqlite3
  xdg!
  yarr!

BUNDLED WITH
   1.16.1
